GIT
  remote: git://github.com/matthew-andrews/model-ruby.git
  revision: 5eda5528818dcac3ca32390961c6c151e529df24
  tag: v1.0.0
  specs:
    matt_andrews-model (0.0.2)

GEM
  remote: https://rubygems.org/
  specs:

PLATFORMS
  ruby

DEPENDENCIES
  matt_andrews-model!
