GIT
  remote: git://github.com/matthew-andrews/model-ruby.git
  revision: ffd28ed210ddaa61a2cb676fb9a9c6aca30d6b7b
  branch: master
  specs:
    matt_andrews-model (0.0.1)

GEM
  remote: https://rubygems.org/
  specs:

PLATFORMS
  ruby

DEPENDENCIES
  matt_andrews-model!
